GIT
  remote: https://github.com/danielsdeleo/em-spec.git
  revision: 3c1ff45d563b80edbf3e30752c01a684c57f1afc
  specs:
    em-spec (0.1.3)
      bacon (>= 1.1.0)
      eventmachine (>= 0.12.6)
      rspec (>= 1.1.12)

GEM
  remote: https://rubygems.org/
  specs:
    bacon (1.1.0)
    coderay (1.0.7)
    diff-lcs (1.1.3)
    eventmachine (1.0.0.rc.4)
    ffi (1.15.5)
    guard (1.3.0)
      listen (>= 0.4.2)
      thor (>= 0.14.6)
    guard-rspec (1.2.1)
      guard (>= 1.1)
    listen (0.4.7)
      rb-fchange (~> 0.0.5)
      rb-fsevent (~> 0.9.1)
      rb-inotify (~> 0.8.8)
    method_source (0.8)
    pry (0.9.10)
      coderay (~> 1.0.5)
      method_source (~> 0.8)
      slop (~> 3.3.1)
    pry-nav (0.2.2)
      pry (~> 0.9.10)
    rb-fchange (0.0.5)
      ffi
    rb-fsevent (0.9.1)
    rb-inotify (0.8.8)
      ffi (>= 0.5.0)
    rspec (2.11.0)
      rspec-core (~> 2.11.0)
      rspec-expectations (~> 2.11.0)
      rspec-mocks (~> 2.11.0)
    rspec-core (2.11.1)
    rspec-expectations (2.11.2)
      diff-lcs (~> 1.1.3)
    rspec-mocks (2.11.1)
    slop (3.3.2)
    thor (0.15.4)

PLATFORMS
  ruby

DEPENDENCIES
  em-spec!
  eventmachine (= 1.0.0.rc4)
  guard
  guard-rspec
  pry
  pry-nav
  rspec
